GEM
  remote: https://rubygems.org/
  specs:
    mini_portile2 (2.1.0)
    nokogiri (1.6.8.1)
      mini_portile2 (~> 2.1.0)
    open-uri-cached (0.0.5)
    open_uri_redirections (0.2.1)
    rake (11.2.2)

PLATFORMS
  ruby

DEPENDENCIES
  nokogiri
  open-uri-cached
  open_uri_redirections
  rake

BUNDLED WITH
   1.11.2
