GEM
  remote: https://rubygems.org/
  specs:
    mini_portile2 (2.3.0)
    nokogiri (1.8.2)
      mini_portile2 (~> 2.3.0)
    open-uri-cached (0.0.5)
    open_uri_redirections (0.2.1)
    rake (12.3.0)

PLATFORMS
  ruby

DEPENDENCIES
  nokogiri
  open-uri-cached
  open_uri_redirections
  rake

BUNDLED WITH
   1.16.0
